GEM
  remote: http://rubygems.org/
  specs:
    MINT-core (1.0.0)
      MINT-statemachine (~> 1.2.2)
      cassowary (~> 1.0.0)
      dm-rinda-adapter (~> 0.1.0)
    MINT-scxml (1.0.0)
      MINT-statemachine (~> 1.2.3)
    MINT-statemachine (1.2.3)
    addressable (2.2.6)
    bcrypt-ruby (2.1.4)
    cassowary (1.0.0)
    dm-core (0.10.2)
      addressable (~> 2.1)
      extlib (~> 0.9.14)
    dm-rinda-adapter (0.1.2)
      dm-core (~> 0.10.2)
    dm-types (0.10.2)
      bcrypt-ruby (~> 2.1.2)
      dm-core (~> 0.10.2)
      fastercsv (~> 1.5.0)
      json_pure (~> 1.2.0)
      stringex (~> 1.1.0)
      uuidtools (~> 2.1.1)
    eventmachine (0.12.10)
    extlib (0.9.15)
    fastercsv (1.5.4)
    hoe (2.9.6)
      rake (~> 0.8)
    json_pure (1.2.4)
    rake (0.9.2)
    rmagick (2.13.1)
    rspec (1.3.1)
    stringex (1.1.0)
    uuidtools (2.1.2)
    wxruby (2.0.0)

PLATFORMS
  ruby

DEPENDENCIES
  MINT-core (= 1.0.0)
  MINT-scxml (= 1.0.0)
  MINT-statemachine (= 1.2.3)
  dm-core (= 0.10.2)
  dm-rinda-adapter (= 0.1.2)
  dm-types (= 0.10.2)
  eventmachine (= 0.12.10)
  hoe (= 2.9.6)
  rake (= 0.9.2)
  rmagick (= 2.13.1)
  rspec (= 1.3.1)
  wxruby (= 2.0.0)
